GIT
  remote: git://github.com/Hobo/will_paginate.git
  revision: cc7ef01551b94fe4f607e38929037234dc70bb62
  specs:
    will_paginate (3.0.4.hobo)

GEM
  remote: https://rubygems.org/
  specs:
    actionmailer (3.2.13)
      actionpack (= 3.2.13)
      mail (~> 2.5.3)
    actionpack (3.2.13)
      activemodel (= 3.2.13)
      activesupport (= 3.2.13)
      builder (~> 3.0.0)
      erubis (~> 2.7.0)
      journey (~> 1.0.4)
      rack (~> 1.4.5)
      rack-cache (~> 1.2)
      rack-test (~> 0.6.1)
      sprockets (~> 2.2.1)
    activemodel (3.2.13)
      activesupport (= 3.2.13)
      builder (~> 3.0.0)
    activerecord (3.2.13)
      activemodel (= 3.2.13)
      activesupport (= 3.2.13)
      arel (~> 3.0.2)
      tzinfo (~> 0.3.29)
    activeresource (3.2.13)
      activemodel (= 3.2.13)
      activesupport (= 3.2.13)
    activesupport (3.2.13)
      i18n (= 0.6.1)
      multi_json (~> 1.0)
    acts_as_list (0.2.0)
      activerecord (>= 3.0)
    arel (3.0.2)
    bootstrap-datepicker-rails (1.0.0.3)
      railties (>= 3.0)
    bootstrap-sass (2.3.1.0)
      sass (~> 3.2)
    builder (3.0.4)
    coffee-rails (3.2.2)
      coffee-script (>= 2.2.0)
      railties (~> 3.2.0)
    coffee-script (2.2.0)
      coffee-script-source
      execjs
    coffee-script-source (1.6.2)
    dryml (2.0.0)
      actionpack (~> 3.2.0)
      hobo_support (= 2.0.0)
    dyi (1.3.0)
    dyi_rails (0.0.0)
      dyi (>= 1.0.0)
      rails (>= 2.0.0)
    erubis (2.7.0)
    execjs (1.4.0)
      multi_json (~> 1.0)
    hike (1.2.2)
    hobo (2.0.0)
      dryml (= 2.0.0)
      hobo_fields (= 2.0.0)
      hobo_support (= 2.0.0)
      will_paginate (~> 3.0.0)
    hobo_bootstrap (2.0.0)
      bootstrap-sass (~> 2.1)
      hobo (~> 2.0.0.pre6)
      hobo_jquery (~> 2.0.0.pre6)
      will_paginate-bootstrap (~> 0.2.1)
    hobo_bootstrap_ui (2.0.0)
      bootstrap-datepicker-rails
      hobo_bootstrap (~> 2.0.0.pre1)
    hobo_fields (2.0.0)
      hobo_support (= 2.0.0)
    hobo_jquery (2.0.0)
      hobo_rapid (= 2.0.0)
      jquery-rails (~> 2.0)
    hobo_jquery_ui (2.0.0)
      hobo (= 2.0.0)
      hobo_jquery (= 2.0.0)
      jquery-ui-themes (~> 0.0.4)
    hobo_rapid (2.0.0)
      hobo (= 2.0.0)
    hobo_support (2.0.0)
      rails (~> 3.2.0)
    httparty (0.10.2)
      multi_json (~> 1.0)
      multi_xml (>= 0.5.2)
    i18n (0.6.1)
    journey (1.0.4)
    jquery-rails (2.2.1)
      railties (>= 3.0, < 5.0)
      thor (>= 0.14, < 2.0)
    jquery-ui-themes (0.0.8)
      httparty
    json (1.7.7)
    mail (2.5.3)
      i18n (>= 0.4.0)
      mime-types (~> 1.16)
      treetop (~> 1.4.8)
    mime-types (1.22)
    multi_json (1.7.2)
    multi_xml (0.5.3)
    polyglot (0.3.3)
    quiet_assets (1.0.2)
      railties (>= 3.1, < 5.0)
    rack (1.4.5)
    rack-cache (1.2)
      rack (>= 0.4)
    rack-ssl (1.3.3)
      rack
    rack-test (0.6.2)
      rack (>= 1.0)
    rails (3.2.13)
      actionmailer (= 3.2.13)
      actionpack (= 3.2.13)
      activerecord (= 3.2.13)
      activeresource (= 3.2.13)
      activesupport (= 3.2.13)
      bundler (~> 1.0)
      railties (= 3.2.13)
    railties (3.2.13)
      actionpack (= 3.2.13)
      activesupport (= 3.2.13)
      rack-ssl (~> 1.3.2)
      rake (>= 0.8.7)
      rdoc (~> 3.4)
      thor (>= 0.14.6, < 2.0)
    rake (10.0.4)
    rdoc (3.12.2)
      json (~> 1.4)
    sass (3.2.7)
    sass-rails (3.2.6)
      railties (~> 3.2.0)
      sass (>= 3.1.10)
      tilt (~> 1.3)
    sprockets (2.2.2)
      hike (~> 1.2)
      multi_json (~> 1.0)
      rack (~> 1.0)
      tilt (~> 1.1, != 1.3.0)
    sqlite3 (1.3.7)
    thor (0.18.1)
    tilt (1.3.7)
    treetop (1.4.12)
      polyglot
      polyglot (>= 0.3.1)
    tzinfo (0.3.37)
    uglifier (2.0.1)
      execjs (>= 0.3.0)
      multi_json (~> 1.0, >= 1.0.2)
    will_paginate-bootstrap (0.2.2)
      will_paginate (>= 3.0.3)

PLATFORMS
  ruby

DEPENDENCIES
  acts_as_list
  coffee-rails (~> 3.2.1)
  dyi
  dyi_rails
  hobo (= 2.0.0)
  hobo_bootstrap (= 2.0.0)
  hobo_bootstrap_ui (= 2.0.0)
  hobo_jquery_ui (= 2.0.0)
  jquery-rails
  jquery-ui-themes (~> 0.0.4)
  quiet_assets
  rails (= 3.2.13)
  sass-rails (~> 3.2.3)
  sqlite3
  uglifier (>= 1.0.3)
  will_paginate!
